GEM
  remote: https://rubygems.org/
  specs:
    curses (1.3.2)
    mini_portile2 (2.4.0)
    nokogiri (1.10.7)
      mini_portile2 (~> 2.4.0)

PLATFORMS
  ruby

DEPENDENCIES
  curses (~> 1.3)
  nokogiri (~> 1.10)

BUNDLED WITH
   2.1.2
