PATH
  remote: .
  specs:
    noozoid (0.1.0)
      curses (~> 1.3)
      nokogiri (~> 1.10)
      thor

GEM
  remote: https://rubygems.org/
  specs:
    curses (1.3.2)
    mini_portile2 (2.4.0)
    nokogiri (1.10.7)
      mini_portile2 (~> 2.4.0)
    rake (12.3.3)
    thor (1.0.1)

PLATFORMS
  ruby

DEPENDENCIES
  noozoid!
  rake (~> 12.0)

BUNDLED WITH
   2.1.2
